PATH
  remote: .
  specs:
    prawn-component (0.1.0)
      prawn (~> 2.2)

GEM
  remote: https://rubygems.org/
  specs:
    minitest (5.11.3)
    pdf-core (0.7.0)
    prawn (2.2.2)
      pdf-core (~> 0.7.0)
      ttfunk (~> 1.5)
    rake (10.5.0)
    ttfunk (1.5.1)

PLATFORMS
  ruby

DEPENDENCIES
  bundler (~> 2.0)
  minitest (~> 5.0)
  prawn-component!
  rake (~> 10.0)

BUNDLED WITH
   2.0.2
